GEM
  remote: http://rubygems.org/
  specs:
    activemodel (3.2.13)
      activesupport (= 3.2.13)
      builder (~> 3.0.0)
    activesupport (3.2.13)
      i18n (= 0.6.1)
      multi_json (~> 1.0)
    builder (3.0.4)
    git (1.2.5)
    i18n (0.6.1)
    jeweler (1.8.4)
      bundler (~> 1.0)
      git (>= 1.2.5)
      rake
      rdoc
    json (1.7.7)
    magic_encoding (0.0.2)
    mongoid (3.1.2)
      activemodel (~> 3.2)
      moped (~> 1.4.2)
      origin (~> 1.0)
      tzinfo (~> 0.3.22)
    moped (1.4.3)
    multi_json (1.7.1)
    origin (1.0.11)
    rake (10.0.3)
    rdoc (4.0.0)
      json (~> 1.4)
    redcarpet (2.2.2)
    tzinfo (0.3.37)
    whitespace (2.0.4)
    yard (0.8.5.2)

PLATFORMS
  ruby
  x86-mingw32

DEPENDENCIES
  jeweler (>= 1.8.3)
  magic_encoding (>= 0.0.2)
  mongoid (>= 3.0.4)
  redcarpet (>= 2.1.0)
  whitespace (>= 2.0.4)
  yard (>= 0.8.2.1)
